GEM
  remote: https://rubygems.org/
  specs:
    rack (2.2.3.1)

PLATFORMS
  ruby

DEPENDENCIES
  rack (>= 2.0.9.1)

RUBY VERSION
   ruby 2.5.1p57

BUNDLED WITH
   1.17.3
