GEM
  remote: https://rubygems.org/
  specs:
    rack (3.0.4.1)

PLATFORMS
  ruby

DEPENDENCIES
  rack (>= 2.0.9.2)

RUBY VERSION
   ruby 2.5.1p57

BUNDLED WITH
   1.17.3
