GEM
  remote: https://rubygems.org/
  specs:
    rack (3.0.6.1)

PLATFORMS
  ruby

DEPENDENCIES
  rack (>= 2.2.6.4)

RUBY VERSION
   ruby 2.5.1p57

BUNDLED WITH
   1.17.3
